GEM
  remote: https://rubygems.org/
  specs:
    PageRankr (4.6.1)
      addressable
      httparty (>= 0.9.0)
      json (>= 1.4.6)
      jsonpath (>= 0.4.2)
      nokogiri (>= 1.4.1)
      public_suffix (~> 1.0)
    addressable (2.3.8)
    faraday (0.9.2)
      multipart-post (>= 1.2, < 3)
    google-search (1.0.3)
      json
    httparty (0.13.3)
      json (~> 1.8)
      multi_xml (>= 0.5.2)
    json (1.8.2)
    jsonpath (0.5.8)
      multi_json
    mini_portile2 (2.0.0)
    multi_json (1.11.2)
    multi_xml (0.5.5)
    multipart-post (2.0.0)
    nokogiri (1.6.7)
      mini_portile2 (~> 2.0.0.rc2)
    public_suffix (1.5.2)
    rb-readline (0.5.1)

PLATFORMS
  ruby

DEPENDENCIES
  PageRankr
  faraday
  google-search
  httparty
  rb-readline

BUNDLED WITH
   1.10.6
